{
	"Modality": "MR",
	"MagneticFieldStrength": 3,
	"ImagingFrequency": 123.259,
	"Manufacturer": "Siemens",
	"ManufacturersModelName": "MAGNETOM Prisma Fit",
	"InstitutionName": "Freie Universität Berlin",
	"InstitutionAddress": "Habelschwerdter Allee 45,Berlin,District,DE,14195",
	"DeviceSerialNumber": "167110",
	"StationName": "AWP167110",
	"BodyPartExamined": "BRAIN",
	"PatientPosition": "HFS",
	"ProcedureStepDescription": "CCNB Projekte",
	"SoftwareVersions": "syngo MR XA60",
	"MRAcquisitionType": "2D",
	"SeriesDescription": "ep2d_sms3_AP_2.5x2.5x2.5_TR1000_300_PRF",
	"ProtocolName": "ep2d_sms3_AP_2.5x2.5x2.5_TR1000_300_PRF",
	"SequenceVariant": "SK",
	"ImageType": ["ORIGINAL", "PRIMARY", "FMRI", "NONE"],
	"SeriesNumber": 7,
	"AcquisitionTime": "11:26:20.462500",
	"AcquisitionNumber": 1,
	"SliceThickness": 2.5,
	"SpacingBetweenSlices": 2.75,
	"EchoTime": 0.033,
	"RepetitionTime": 1,
	"MTState": false,
	"FlipAngle": 70,
	"ReceiveCoilActiveElements": "HC1-6",
	"CoilString": "HeadNeck_64",
	"MultibandAccelerationFactor": 3,
	"PercentPhaseFOV": 100,
	"PercentSampling": 100,
	"EchoTrainLength": 82,
	"AcquisitionMatrixPE": 82,
	"ReconMatrixPE": 82,
	"BandwidthPerPixelPhaseEncode": 18.477,
	"ParallelAcquisitionTechnique": "SMS",
	"EffectiveEchoSpacing": 0.000660016,
	"DerivedVendorReportedEchoSpacing": 0.000660016,
	"TotalReadoutTime": 0.0534613,
	"PixelBandwidth": 1793,
	"PhaseEncodingDirection": "j-",
	"SliceTiming": [
		0,
		0.5275,
		0.0750005,
		0.6025,
		0.15,
		0.6775,
		0.2275,
		0.755,
		0.3025,
		0.83,
		0.3775,
		0.905,
		0.4525,
		0,
		0.5275,
		0.0750005,
		0.6025,
		0.15,
		0.6775,
		0.2275,
		0.755,
		0.3025,
		0.83,
		0.3775,
		0.905,
		0.4525,
		0,
		0.5275,
		0.0750005,
		0.6025,
		0.15,
		0.6775,
		0.2275,
		0.755,
		0.3025,
		0.83,
		0.3775,
		0.905,
		0.4525	],
	"ImageOrientationPatientDICOM": [
		1,
		1.3775e-09,
		1.57449e-08,
		1.3775e-09,
		0.984808,
		-0.173648	],
	"InPlanePhaseEncodingDirectionDICOM": "COL",
	"ConversionSoftware": "dcm2niix",
	"ConversionSoftwareVersion": "v1.0.20211006"
}
