{
	"Modality": "MR",
	"MagneticFieldStrength": 3,
	"ImagingFrequency": 123.259,
	"Manufacturer": "Siemens",
	"ManufacturersModelName": "MAGNETOM Prisma Fit",
	"InstitutionName": "Freie Universität Berlin",
	"InstitutionAddress": "Habelschwerdter Allee 45,Berlin,District,DE,14195",
	"DeviceSerialNumber": "167110",
	"StationName": "AWP167110",
	"BodyPartExamined": "BRAIN",
	"PatientPosition": "HFS",
	"ProcedureStepDescription": "CCNB Projekte",
	"SoftwareVersions": "syngo MR XA60",
	"MRAcquisitionType": "3D",
	"SeriesDescription": "anat_t1w_mprage_sag_p3_1mm",
	"ProtocolName": "anat_t1w_mprage_sag_p3_1mm",
	"SequenceVariant": "SK\\SP\\MP\\OSP",
	"ImageType": ["ORIGINAL", "PRIMARY", "M", "NONE"],
	"SeriesNumber": 2,
	"AcquisitionTime": "12:06:24.770000",
	"AcquisitionNumber": 1,
	"SliceThickness": 1,
	"EchoTime": 0.00322,
	"RepetitionTime": 1.9,
	"MTState": false,
	"InversionTime": 0.9,
	"FlipAngle": 8,
	"ReceiveCoilActiveElements": "HC1-7;NC1",
	"CoilString": "HeadNeck_64",
	"PercentPhaseFOV": 112.5,
	"PercentSampling": 100,
	"PartialFourierDirection": "PHASE",
	"AcquisitionMatrixPE": 252,
	"ReconMatrixPE": 252,
	"ParallelReductionFactorInPlane": 3,
	"ParallelAcquisitionTechnique": "GRAPPA",
	"PixelBandwidth": 199,
	"ImageOrientationPatientDICOM": [
		0,
		1,
		0,
		0,
		0,
		-1	],
	"InPlanePhaseEncodingDirectionDICOM": "ROW",
	"ConversionSoftware": "dcm2niix",
	"ConversionSoftwareVersion": "v1.0.20211006"
}
