{
	"Modality": "MR",
	"MagneticFieldStrength": 3,
	"ImagingFrequency": 123.259,
	"Manufacturer": "Siemens",
	"ManufacturersModelName": "MAGNETOM Prisma Fit",
	"InstitutionName": "Freie Universität Berlin",
	"InstitutionAddress": "Habelschwerdter Allee 45,Berlin,District,DE,14195",
	"DeviceSerialNumber": "167110",
	"StationName": "AWP167110",
	"BodyPartExamined": "BRAIN",
	"PatientPosition": "HFS",
	"ProcedureStepDescription": "CCNB Projekte",
	"SoftwareVersions": "syngo MR XA60",
	"MRAcquisitionType": "2D",
	"SeriesDescription": "gre_field_mapping_3mm",
	"ProtocolName": "gre_field_mapping_3mm",
	"SequenceVariant": "SP",
	"ImageType": ["ORIGINAL", "PRIMARY", "M", "NONE"],
	"SeriesNumber": 3,
	"AcquisitionTime": "13:29:55.262500",
	"AcquisitionNumber": 1,
	"SliceThickness": 3,
	"SpacingBetweenSlices": 3.6,
	"EchoNumber": 2,
	"EchoTime": 0.00738,
	"RepetitionTime": 0.4,
	"MTState": false,
	"FlipAngle": 60,
	"ReceiveCoilActiveElements": "HC1-7",
	"CoilString": "HeadNeck_64",
	"PercentPhaseFOV": 100,
	"PercentSampling": 100,
	"AcquisitionMatrixPE": 66,
	"ReconMatrixPE": 66,
	"PixelBandwidth": 601,
	"PhaseEncodingDirection": "i",
	"SliceTiming": [
		0.2,
		0,
		0.21,
		0.01,
		0.2225,
		0.0225,
		0.2325,
		0.0325,
		0.2425,
		0.0425,
		0.2525,
		0.0525,
		0.2625,
		0.0625,
		0.275,
		0.075,
		0.285,
		0.085,
		0.295,
		0.095,
		0.305,
		0.105,
		0.315,
		0.115,
		0.3275,
		0.1275,
		0.3375,
		0.1375,
		0.3475,
		0.1475,
		0.3575,
		0.1575,
		0.3675,
		0.17,
		0.38,
		0.18,
		0.39,
		0.19	],
	"ImageOrientationPatientDICOM": [
		1,
		4.822e-12,
		-8.5e-13,
		-4.897e-12,
		0.984808,
		-0.173648	],
	"InPlanePhaseEncodingDirectionDICOM": "ROW",
	"ConversionSoftware": "dcm2niix",
	"ConversionSoftwareVersion": "v1.0.20211006"
}
